GEM
  remote: https://rubygems.org/
  specs:
    motion-flow (0.1.3)
    rake (11.2.2)

PLATFORMS
  ruby

DEPENDENCIES
  motion-flow
  rake

BUNDLED WITH
   1.12.5
